GIT
  remote: git://github.com/seomoz/qless.git
  revision: 300c6482e324e73612accff8074edc6802b606e3
  ref: 300c6482e324e73612accff8074edc6802b606e3
  specs:
    qless (0.10.0.pre)
      redis (>= 2.2)

PATH
  remote: .
  specs:
    qsome (0.1.0)

GEM
  remote: https://rubygems.org/
  specs:
    ast (1.1.0)
    diff-lcs (1.2.4)
    multi_json (1.8.0)
    parser (2.0.0.pre8)
      ast (~> 1.1)
      slop (~> 3.4, >= 3.4.5)
    powerpack (0.0.8)
    rainbow (1.1.4)
    rake (10.1.0)
    redis (3.0.5)
    rspec (2.14.1)
      rspec-core (~> 2.14.0)
      rspec-expectations (~> 2.14.0)
      rspec-mocks (~> 2.14.0)
    rspec-core (2.14.5)
    rspec-expectations (2.14.3)
      diff-lcs (>= 1.1.3, < 2.0)
    rspec-fire (1.2.0)
      rspec (~> 2.11)
    rspec-mocks (2.14.3)
    rubocop (0.13.1)
      parser (~> 2.0.0.pre6)
      powerpack (~> 0.0.6)
      rainbow (>= 1.1.4)
    simplecov (0.7.1)
      multi_json (~> 1.0)
      simplecov-html (~> 0.7.1)
    simplecov-html (0.7.1)
    slop (3.4.6)

PLATFORMS
  ruby

DEPENDENCIES
  qless!
  qsome!
  rake (~> 10)
  rspec (~> 2.13)
  rspec-fire (~> 1.2)
  rubocop (~> 0.13.1)
  simplecov (~> 0.7)
